GEM
  remote: http://rubygems.org/
  specs:
    bourbon-compass (3.1.8)
      compass (>= 0.11)
      sass (>= 3.2.0)
    chunky_png (1.3.0)
    compass (0.12.2)
      chunky_png (~> 1.2)
      fssm (>= 0.2.7)
      sass (~> 3.1)
    fssm (0.2.10)
    neat-compass (1.2.0.1)
      bourbon-compass (>= 3.1.1)
      compass (>= 0.11)
      sass (>= 3.2)
    sass (3.2.14)

PLATFORMS
  ruby

DEPENDENCIES
  bourbon-compass (~> 3.1.1)
  compass (~> 0.12.2)
  neat-compass (~> 1.2.0.1)
